PATH
  remote: .
  specs:
    email_spec (0.6.7)

GEM
  remote: http://rubygems.org/
  specs:
    actionmailer (2.3.11)
      actionpack (= 2.3.11)
    actionpack (2.3.11)
      activesupport (= 2.3.11)
      rack (~> 1.1.0)
    activerecord (2.3.11)
      activesupport (= 2.3.11)
    activeresource (2.3.11)
      activesupport (= 2.3.11)
    activesupport (2.3.11)
    builder (3.0.0)
    cucumber (0.10.3)
      builder (>= 2.1.2)
      diff-lcs (>= 1.1.2)
      gherkin (>= 2.3.8)
      json (>= 1.4.6)
      term-ansicolor (>= 1.0.5)
    cucumber-rails (0.3.2)
      cucumber (>= 0.8.0)
    daemons (1.1.3)
    database_cleaner (0.6.7)
    delayed_job (2.0.3)
      daemons
    diff-lcs (1.1.2)
    fixjour (0.5.3)
      activerecord
    gherkin (2.3.10)
      json (>= 1.4.6)
    i18n (0.6.0)
    json (1.5.1)
    mail (2.3.0)
      i18n (>= 0.4.0)
      mime-types (~> 1.16)
      treetop (~> 1.4.8)
    mime-types (1.16)
    mimetype-fu (0.1.2)
    nokogiri (1.4.4)
    polyglot (0.3.1)
    pony (1.2)
      mail (> 2.0)
    rack (1.1.2)
    rack-test (0.6.0)
      rack (>= 1.0)
    rails (2.3.11)
      actionmailer (= 2.3.11)
      actionpack (= 2.3.11)
      activerecord (= 2.3.11)
      activeresource (= 2.3.11)
      activesupport (= 2.3.11)
      rake (>= 0.8.3)
    rake (0.9.1)
    rspec (1.3.2)
    rspec-rails (1.3.4)
      rack (>= 1.0.0)
      rspec (~> 1.3.1)
    sinatra (1.2.6)
      rack (~> 1.1)
      tilt (< 2.0, >= 1.2.2)
    sqlite3 (1.3.3)
    term-ansicolor (1.0.5)
    tilt (1.3.2)
    treetop (1.4.9)
      polyglot (>= 0.3.1)
    webrat (0.7.3)
      nokogiri (>= 1.2.0)
      rack (>= 1.0)
      rack-test (>= 0.5.3)

PLATFORMS
  ruby

DEPENDENCIES
  actionmailer (~> 2.3.0)
  cucumber
  cucumber-rails (~> 0.3.0)
  database_cleaner
  delayed_job (= 2.0.3)
  email_spec!
  fixjour
  mimetype-fu
  pony
  rack-test
  rails (= 2.3.11)
  rake
  rspec (~> 1.3.2)
  rspec-rails (~> 1.3.4)
  sinatra
  sqlite3
  webrat
